GEM
  remote: https://rubygems.org/
  specs:
    backports (3.8.0)
    diff-lcs (1.3)
    nmatrix (0.2.3)
      packable (~> 1.3, >= 1.3.5)
    packable (1.3.8)
      backports
    rspec (2.99.0)
      rspec-core (~> 2.99.0)
      rspec-expectations (~> 2.99.0)
      rspec-mocks (~> 2.99.0)
    rspec-core (2.99.2)
    rspec-expectations (2.99.2)
      diff-lcs (>= 1.1.3, < 2.0)
    rspec-mocks (2.99.4)

PLATFORMS
  ruby

DEPENDENCIES
  nmatrix
  rspec

BUNDLED WITH
   1.15.3
