GEM
  remote: https://rubygems.org/
  specs:
    backports (3.8.0)
    nmatrix (0.2.3)
      packable (~> 1.3, >= 1.3.5)
    packable (1.3.8)
      backports

PLATFORMS
  ruby

DEPENDENCIES
  nmatrix

BUNDLED WITH
   1.15.3
